GEM
  remote: https://rubygems.org/
  specs:
    archive-tar-minitar (0.5.2)
    docker-api (1.7.6)
      archive-tar-minitar
      excon (>= 0.28)
      json
    excon (0.31.0)
    json (1.8.1)

PLATFORMS
  ruby

DEPENDENCIES
  docker-api
